GEM
  remote: https://rubygems.org/
  specs:
    nio4r (2.5.8)
    puma (5.6.4)
      nio4r (~> 2.0)
    rack (2.2.3.1)
    roda (3.57.0)
      rack

PLATFORMS
  x86_64-darwin-20

DEPENDENCIES
  puma (= 5.6.4)
  roda (= 3.57.0)

BUNDLED WITH
   2.3.16
